GEM
  remote: http://rubygems.org/
  specs:
    always_verify_ssl_certificates (0.3.0)
    minitest (5.18.1)
    nexus (0.1.0)
      always_verify_ssl_certificates (~> 0.3.0)
    zip (2.0.2)

PLATFORMS
  ruby
  universal-java-20

DEPENDENCIES
  minitest
  nexus (< 0.2.0)
  zip

BUNDLED WITH
   2.4.12
